GIT
  remote: https://github.com/NullTerminator/presenters
  revision: 81d22aa58a08c7c0f03c31d4106e8c5727b592e4
  branch: root_level_plugins
  specs:
    voom-presenters (0.2.0)
      dry-configurable (> 0.1, <= 7.0)
      dry-container (~> 0.6)
      dry-inflector (~> 0.1)
      ice_nine (~> 0.11)
      nokogiri (>= 1.7.2)
      redcarpet (~> 3.4)
      sinatra (>= 1.4, < 3.0)
      tzinfo (~> 1.2)
      tzinfo-data (~> 1.2018)

PATH
  remote: .
  specs:
    cacheable_presenters_plugin (0.0.3)

GEM
  remote: https://rubygems.org/
  specs:
    concurrent-ruby (1.1.4)
    diff-lcs (1.3)
    dry-configurable (0.8.2)
      concurrent-ruby (~> 1.0)
      dry-core (~> 0.4, >= 0.4.7)
    dry-container (0.7.0)
      concurrent-ruby (~> 1.0)
      dry-configurable (~> 0.1, >= 0.1.3)
    dry-core (0.4.7)
      concurrent-ruby (~> 1.0)
    dry-inflector (0.1.2)
    ice_nine (0.11.2)
    mini_portile2 (2.6.1)
    mustermann (1.0.3)
    nokogiri (1.12.5)
      mini_portile2 (~> 2.6.1)
      racc (~> 1.4)
    racc (1.5.2)
    rack (2.0.6)
    rack-protection (2.0.5)
      rack
    rake (10.5.0)
    redcarpet (3.4.0)
    rspec (3.8.0)
      rspec-core (~> 3.8.0)
      rspec-expectations (~> 3.8.0)
      rspec-mocks (~> 3.8.0)
    rspec-core (3.8.0)
      rspec-support (~> 3.8.0)
    rspec-expectations (3.8.2)
      diff-lcs (>= 1.2.0, < 2.0)
      rspec-support (~> 3.8.0)
    rspec-mocks (3.8.0)
      diff-lcs (>= 1.2.0, < 2.0)
      rspec-support (~> 3.8.0)
    rspec-support (3.8.0)
    sinatra (2.0.5)
      mustermann (~> 1.0)
      rack (~> 2.0)
      rack-protection (= 2.0.5)
      tilt (~> 2.0)
    thread_safe (0.3.6)
    tilt (2.0.9)
    tzinfo (1.2.5)
      thread_safe (~> 0.1)
    tzinfo-data (1.2018.9)
      tzinfo (>= 1.0.0)

PLATFORMS
  ruby

DEPENDENCIES
  bundler (~> 2.0)
  cacheable_presenters_plugin!
  rake (~> 10.0)
  rspec
  voom-presenters!

BUNDLED WITH
   2.0.1
